GEM
  remote: https://rubygems.org/
  specs:
    RedCloth (4.2.9)
    addressable (2.3.8)
    bcrypt-ruby (3.0.1)
    crack (0.4.2)
      safe_yaml (~> 1.0.0)
    daemons (1.2.2)
    data_objects (0.10.15)
      addressable (~> 2.1)
    datamapper (1.2.0)
      dm-aggregates (~> 1.2.0)
      dm-constraints (~> 1.2.0)
      dm-core (~> 1.2.0)
      dm-migrations (~> 1.2.0)
      dm-serializer (~> 1.2.0)
      dm-timestamps (~> 1.2.0)
      dm-transactions (~> 1.2.0)
      dm-types (~> 1.2.0)
      dm-validations (~> 1.2.0)
    dm-aggregates (1.2.0)
      dm-core (~> 1.2.0)
    dm-constraints (1.2.0)
      dm-core (~> 1.2.0)
    dm-core (1.2.1)
      addressable (~> 2.3)
    dm-do-adapter (1.2.0)
      data_objects (~> 0.10.6)
      dm-core (~> 1.2.0)
    dm-migrations (1.2.0)
      dm-core (~> 1.2.0)
    dm-postgres-adapter (1.2.0)
      dm-do-adapter (~> 1.2.0)
      do_postgres (~> 0.10.6)
    dm-serializer (1.2.0)
      dm-core (~> 1.2.0)
      fastercsv (~> 1.5.4)
      json (~> 1.5.4)
      json_pure (~> 1.5.4)
      multi_json (~> 1.0.3)
    dm-sqlite-adapter (1.2.0)
      dm-do-adapter (~> 1.2.0)
      do_sqlite3 (~> 0.10.6)
    dm-timestamps (1.2.0)
      dm-core (~> 1.2.0)
    dm-transactions (1.2.0)
      dm-core (~> 1.2.0)
    dm-types (1.2.0)
      bcrypt-ruby (~> 3.0.0)
      dm-core (~> 1.2.0)
      fastercsv (~> 1.5.4)
      json (~> 1.5.4)
      multi_json (~> 1.0.3)
      stringex (~> 1.3.0)
      uuidtools (~> 2.1.2)
    dm-validations (1.2.0)
      dm-core (~> 1.2.0)
    do_postgres (0.10.15)
      data_objects (= 0.10.15)
    do_sqlite3 (0.10.15)
      data_objects (= 0.10.15)
    docile (1.1.5)
    eventmachine (1.0.7)
    fastercsv (1.5.5)
    haml (3.0.15)
    ipaddress (0.8.0)
    json (1.5.4)
    json_pure (1.5.5)
      spruz (~> 0.2.8)
    locale (2.1.0)
    log4r (1.0.6)
    multi_json (1.0.4)
    nokogiri (1.5.11)
    rack (1.6.0)
    rack-flash3 (1.0.5)
      rack
    rack-protection (1.5.3)
      rack
    rack-test (0.6.3)
      rack (>= 1.0)
    rmail (1.1.0)
    ruby_protobuf (0.4.11)
    safe_yaml (1.0.4)
    sanitize (2.0.3)
      nokogiri (>= 1.4.4, < 1.6)
    simplecov (0.9.2)
      docile (~> 1.1.0)
      multi_json (~> 1.0)
      simplecov-html (~> 0.9.0)
    simplecov-html (0.9.0)
    sinatra (1.4.6)
      rack (~> 1.4)
      rack-protection (~> 1.4)
      tilt (>= 1.3, < 3)
    spruz (0.2.13)
    stringex (1.3.3)
    thin (1.6.3)
      daemons (~> 1.0, >= 1.0.9)
      eventmachine (~> 1.0)
      rack (~> 1.0)
    tilt (1.3.3)
    timecop (0.3.5)
    uuidtools (2.1.5)
    webmock (1.7.6)
      addressable (~> 2.2, > 2.2.5)
      crack (>= 0.1.7)
    xmpp4r (0.5.6)

PLATFORMS
  ruby

DEPENDENCIES
  RedCloth
  bcrypt-ruby (= 3.0.1)
  datamapper (= 1.2.0)
  dm-aggregates (= 1.2.0)
  dm-do-adapter (= 1.2.0)
  dm-migrations (= 1.2.0)
  dm-postgres-adapter (= 1.2.0)
  dm-sqlite-adapter (= 1.2.0)
  dm-transactions (= 1.2.0)
  dm-types (= 1.2.0)
  dm-validations (= 1.2.0)
  haml (= 3.0.15)
  ipaddress (= 0.8.0)
  json (= 1.5.4)
  locale (= 2.1.0)
  log4r (= 1.0.6)
  rack
  rack-flash3
  rack-protection
  rack-test
  rmail (= 1.1.0)
  ruby_protobuf (= 0.4.11)
  sanitize (= 2.0.3)
  simplecov
  sinatra (= 1.4.6)
  thin (= 1.6.3)
  tilt (= 1.3.3)
  timecop (= 0.3.5)
  webmock (= 1.7.6)
  xmpp4r (= 0.5.6)
